PATH
  remote: .
  specs:
    orats (0.2.0)
      thor (~> 0)

GEM
  remote: https://rubygems.org/
  specs:
    rake (10.1.1)
    thor (0.18.1)

PLATFORMS
  ruby

DEPENDENCIES
  bundler (~> 1.5)
  orats!
  rake
