PATH
  remote: .
  specs:
    orats (0.4.1)
      thor (~> 0)

GEM
  remote: https://rubygems.org/
  specs:
    minitest (5.3.3)
    rake (0.9.6)
    thor (0.19.1)

PLATFORMS
  ruby

DEPENDENCIES
  bundler (~> 1.5)
  minitest (~> 5.3)
  orats!
  rake (~> 0)
