PATH
  remote: .
  specs:
    orats (0.3.0)
      thor (~> 0)

GEM
  remote: https://rubygems.org/
  specs:
    rake (0.9.6)
    thor (0.18.1)

PLATFORMS
  ruby

DEPENDENCIES
  bundler (~> 1.5)
  orats!
  rake (~> 0)
